GEM
  remote: https://rubygems.org/
  specs:
    RedCloth (4.2.9)
    celluloid (0.15.2)
      timers (~> 1.1.0)
    celluloid-io (0.15.0)
      celluloid (>= 0.15.0)
      nio4r (>= 0.5.0)
    chunky_png (1.3.0)
    classifier (1.3.4)
      fast-stemmer (>= 1.0.0)
    coderay (1.1.0)
    colorator (0.1)
    colored (1.2)
    commander (4.1.6)
      highline (~> 1.6.11)
    compass (0.12.5)
      chunky_png (~> 1.2)
      fssm (>= 0.2.7)
      sass (~> 3.2.19)
    directory_watcher (1.4.1)
    ethon (0.7.0)
      ffi (>= 1.3.0)
    fast-stemmer (1.0.2)
    ffi (1.9.3)
    formatador (0.2.4)
    fssm (0.2.10)
    github-pages (8)
      RedCloth (= 4.2.9)
      jekyll (= 1.2.0)
      kramdown (= 1.0.2)
      liquid (= 2.5.1)
      maruku (= 0.6.1)
      rdiscount (= 1.6.8)
      redcarpet (= 2.2.2)
    guard (2.6.0)
      formatador (>= 0.2.4)
      listen (~> 2.7)
      lumberjack (~> 1.0)
      pry (>= 0.9.12)
      thor (>= 0.18.1)
    guard-compass (1.1.0)
      compass (>= 0.10.5)
      guard (~> 2.0)
    guard-jekyll-plus (1.4.6)
      guard (>= 1.1.0)
      jekyll (>= 1.0.0)
    highline (1.6.21)
    html-proofer (0.6.7)
      colored (~> 1.2)
      mercenary (~> 0.3.2)
      nokogiri (~> 1.6.0)
      typhoeus (~> 0.6.7)
    jekyll (1.2.0)
      classifier (~> 1.3)
      colorator (~> 0.1)
      commander (~> 4.1.3)
      directory_watcher (~> 1.4.1)
      liquid (~> 2.5.1)
      maruku (~> 0.5)
      pygments.rb (~> 0.5.0)
      redcarpet (~> 2.2.2)
      safe_yaml (~> 0.7.0)
    kramdown (1.0.2)
    liquid (2.5.1)
    listen (2.7.1)
      celluloid (>= 0.15.2)
      celluloid-io (>= 0.15.0)
      rb-fsevent (>= 0.9.3)
      rb-inotify (>= 0.9)
    lumberjack (1.0.5)
    maruku (0.6.1)
      syntax (>= 1.0.0)
    mercenary (0.3.2)
    method_source (0.8.2)
    mini_portile (0.5.3)
    nio4r (1.0.0)
    nokogiri (1.6.1)
      mini_portile (~> 0.5.0)
    posix-spawn (0.3.8)
    pry (0.9.12.6)
      coderay (~> 1.0)
      method_source (~> 0.8)
      slop (~> 3.4)
    pygments.rb (0.5.4)
      posix-spawn (~> 0.3.6)
      yajl-ruby (~> 1.1.0)
    rake (10.2.2)
    rb-fsevent (0.9.4)
    rb-inotify (0.9.3)
      ffi (>= 0.5.0)
    rdiscount (1.6.8)
    redcarpet (2.2.2)
    safe_yaml (0.7.1)
    sass (3.2.19)
    slop (3.5.0)
    syntax (1.2.0)
    thor (0.19.1)
    timers (1.1.0)
    typhoeus (0.6.8)
      ethon (>= 0.7.0)
    yajl-ruby (1.1.0)

PLATFORMS
  ruby

DEPENDENCIES
  compass
  github-pages
  guard-compass
  guard-jekyll-plus (= 1.4.6)
  html-proofer
  rake (~> 10.0)
